GEM
  remote: http://rubygems.org/
  specs:
    RedCloth (4.2.9)
    actionmailer (3.2.22.5)
      actionpack (= 3.2.22.5)
      mail (~> 2.5.4)
    actionpack (3.2.22.5)
      activemodel (= 3.2.22.5)
      activesupport (= 3.2.22.5)
      builder (~> 3.0.0)
      erubis (~> 2.7.0)
      journey (~> 1.0.4)
      rack (~> 1.4.5)
      rack-cache (~> 1.2)
      rack-test (~> 0.6.1)
      sprockets (~> 2.2.1)
    activemodel (3.2.22.5)
      activesupport (= 3.2.22.5)
      builder (~> 3.0.0)
    activerecord (3.2.22.5)
      activemodel (= 3.2.22.5)
      activesupport (= 3.2.22.5)
      arel (~> 3.0.2)
      tzinfo (~> 0.3.29)
    activeresource (3.2.22.5)
      activemodel (= 3.2.22.5)
      activesupport (= 3.2.22.5)
    activesupport (3.2.22.5)
      i18n (~> 0.6, >= 0.6.4)
      multi_json (~> 1.0)
    addressable (2.5.2)
      public_suffix (>= 2.0.2, < 4.0)
    ansi (1.4.3)
    arel (3.0.3)
    builder (3.0.4)
    capybara (2.1.0)
      mime-types (>= 1.16)
      nokogiri (>= 1.3.3)
      rack (>= 1.0.0)
      rack-test (>= 0.5.4)
      xpath (~> 2.0)
    childprocess (0.9.0)
      ffi (~> 1.0, >= 1.0.11)
    concurrent-ruby (1.1.4)
    dalli (2.6.4)
    database_cleaner (1.2.0)
    delayed_job (4.0.6)
      activesupport (>= 3.0, < 5.0)
    docile (1.1.5)
    erubis (2.7.0)
    factory_girl (4.3.0)
      activesupport (>= 3.0.0)
    factory_girl_rails (4.3.0)
      factory_girl (~> 4.3.0)
      railties (>= 3.0.0)
    ffi (1.9.25)
    hashie (3.6.0)
    hike (1.2.3)
    i18n (0.9.5)
      concurrent-ruby (~> 1.0)
    journey (1.0.4)
    json (1.8.6)
    launchy (2.3.0)
      addressable (~> 2.3)
    mail (2.5.5)
      mime-types (~> 1.16)
      treetop (~> 1.4.8)
    metaclass (0.0.4)
    mime-types (1.25.1)
    mini_portile2 (2.4.0)
    minitest (4.7.5)
    minitest-rails (1.0.1)
      minitest (~> 4.7)
      minitest-test (~> 1.0)
      railties (>= 3.0, < 4.1)
    minitest-reporters (0.14.24)
      ansi
      builder
      minitest (>= 2.12, < 5.0)
      powerbar
    minitest-test (1.1.0)
      minitest (~> 4.0)
    mocha (0.14.0)
      metaclass (~> 0.0.1)
    multi_json (1.13.1)
    nokogiri (1.9.1)
      mini_portile2 (~> 2.4.0)
    pg (0.17.1)
    polyglot (0.3.5)
    power_assert (1.1.3)
    powerbar (2.0.1)
      hashie (>= 1.1.0)
    public_suffix (3.0.3)
    rack (1.4.7)
    rack-cache (1.8.0)
      rack (>= 0.4)
    rack-ssl (1.3.4)
      rack
    rack-test (0.6.3)
      rack (>= 1.0)
    rails (3.2.22.5)
      actionmailer (= 3.2.22.5)
      actionpack (= 3.2.22.5)
      activerecord (= 3.2.22.5)
      activeresource (= 3.2.22.5)
      activesupport (= 3.2.22.5)
      bundler (~> 1.0)
      railties (= 3.2.22.5)
    rails3-generators (1.0.0)
      railties (>= 3.0.0)
    railties (3.2.22.5)
      actionpack (= 3.2.22.5)
      activesupport (= 3.2.22.5)
      rack-ssl (~> 1.3.2)
      rake (>= 0.8.7)
      rdoc (~> 3.4)
      thor (>= 0.14.6, < 2.0)
    rake (12.3.2)
    rdoc (3.12.2)
      json (~> 1.4)
    rubyzip (1.0.0)
    selenium-webdriver (2.37.0)
      childprocess (>= 0.2.5)
      multi_json (~> 1.0)
      rubyzip (~> 1.0.0)
      websocket (~> 1.0.4)
    shoulda (3.5.0)
      shoulda-context (~> 1.0, >= 1.0.1)
      shoulda-matchers (>= 1.4.1, < 3.0)
    shoulda-context (1.2.2)
    shoulda-matchers (2.8.0)
      activesupport (>= 3.0.0)
    simplecov (0.8.2)
      docile (~> 1.1.0)
      multi_json
      simplecov-html (~> 0.8.0)
    simplecov-html (0.8.0)
    sprockets (2.2.3)
      hike (~> 1.2)
      multi_json (~> 1.0)
      rack (~> 1.0)
      tilt (~> 1.1, != 1.3.0)
    test-unit (3.2.9)
      power_assert
    thor (0.20.3)
    tilt (1.4.1)
    transitions (0.1.13)
    treetop (1.4.15)
      polyglot
      polyglot (>= 0.3.1)
    tzinfo (0.3.55)
    websocket (1.0.7)
    will_paginate (3.0.5)
    xpath (2.1.0)
      nokogiri (~> 1.3)

PLATFORMS
  ruby

DEPENDENCIES
  RedCloth (~> 4.2.9)
  ansi (~> 1.4.3)
  capybara (~> 2.1.0)
  dalli (~> 2.6.4)
  database_cleaner (~> 1.2.0)
  delayed_job (~> 4.0.0)
  factory_girl_rails (~> 4.3.0)
  launchy (~> 2.3.0)
  minitest-rails (~> 1.0)
  minitest-reporters
  mocha (~> 0.14.0)
  pg (~> 0.17.0)
  rails (~> 3.2.22)
  rails3-generators (~> 1.0.0)
  selenium-webdriver (~> 2.37.0)
  shoulda (~> 3.5.0)
  simplecov (~> 0.8.1)
  test-unit (~> 3.0)
  transitions (~> 0.1.11)
  will_paginate (= 3.0.5)

BUNDLED WITH
   1.16.6
